GEM
  remote: https://rubygems.org/
  specs:
    bond (0.5.1)
    coderay (1.1.2)
    czmq-ffi-gen (0.13.0)
      ffi (~> 1.9.10)
    cztop (0.11.4)
      czmq-ffi-gen (~> 0.13.0)
    data_uri (0.1.0)
    ffi (1.9.18)
    iruby (0.3)
      bond (~> 0.5)
      data_uri (~> 0.1)
      mimemagic (~> 0.3)
      multi_json (~> 1.11)
    matplotlib (1.0.0)
      pycall (>= 1.0.0)
    method_source (0.9.0)
    mimemagic (0.3.2)
    multi_json (1.12.2)
    numo-linalg (0.0.1)
      numo-narray (~> 0.9.0.7)
    numo-narray (0.9.0.8)
    numpy (0.1.0)
      pycall (>= 1.0.1)
    pandas (0.2.0)
      pycall (>= 1.0.0)
    pry (0.11.1)
      coderay (~> 1.1.0)
      method_source (~> 0.9.0)
    pycall (1.0.3)

PLATFORMS
  ruby

DEPENDENCIES
  cztop
  iruby
  matplotlib
  numo-linalg
  numo-narray
  numpy
  pandas (>= 0.2.0)
  pry
  pycall (>= 1.0.2)

BUNDLED WITH
   1.15.4
